GEM
  remote: http://rubygems.org/
  specs:
    addressable (2.7.0)
      public_suffix (>= 2.0.2, < 5.0)
    builder (3.2.2)
    crack (0.4.1)
      safe_yaml (~> 0.9.0)
    descendants_tracker (0.0.4)
      thread_safe (~> 0.3, >= 0.3.1)
    diff-lcs (1.1.3)
    faraday (0.17.1)
      multipart-post (>= 1.2, < 3)
    git (1.2.6)
    github_api (0.18.2)
      addressable (~> 2.4)
      descendants_tracker (~> 0.0.4)
      faraday (~> 0.8)
      hashie (~> 3.5, >= 3.5.2)
      oauth2 (~> 1.0)
    hashie (3.6.0)
    highline (1.6.20)
    httparty (0.12.0)
      json (~> 1.8)
      multi_xml (>= 0.5.2)
    jeweler (2.0.0)
      builder
      bundler (>= 1.0)
      git (>= 1.2.5)
      github_api
      highline (>= 1.6.15)
      nokogiri (>= 1.5.10)
      rake
      rdoc
    json (1.8.1)
    jwt (2.2.1)
    mini_portile2 (2.4.0)
    multi_json (1.14.1)
    multi_xml (0.6.0)
    multipart-post (2.1.1)
    nokogiri (1.10.7)
      mini_portile2 (~> 2.4.0)
    oauth2 (1.4.2)
      faraday (>= 0.8, < 2.0)
      jwt (>= 1.0, < 3.0)
      multi_json (~> 1.3)
      multi_xml (~> 0.5)
      rack (>= 1.2, < 3)
    public_suffix (4.0.1)
    rack (2.0.8)
    rake (10.1.1)
    rdoc (3.12.2)
      json (~> 1.4)
    rspec (2.8.0)
      rspec-core (~> 2.8.0)
      rspec-expectations (~> 2.8.0)
      rspec-mocks (~> 2.8.0)
    rspec-core (2.8.0)
    rspec-expectations (2.8.0)
      diff-lcs (~> 1.1.2)
    rspec-mocks (2.8.0)
    safe_yaml (0.9.7)
    thread_safe (0.3.6)

PLATFORMS
  ruby

DEPENDENCIES
  bundler (~> 1.0)
  crack
  httparty
  jeweler (~> 2.0.0)
  rdoc (~> 3.12)
  rspec (~> 2.8.0)
